GEM
  remote: https://rubygems.org/
  specs:
    daemons (1.2.3)
    dalli (2.7.6)
    dotenv (2.1.1)
    eventmachine (1.2.0.1)
    faraday (0.9.2)
      multipart-post (>= 1.2, < 3)
    forecast_io (2.0.0)
      faraday
      hashie
      multi_json
    foreman (0.82.0)
      thor (~> 0.19.1)
    hashie (3.4.4)
    httparty (0.13.7)
      json (~> 1.8)
      multi_xml (>= 0.5.2)
    json (1.8.3)
    multi_json (1.12.1)
    multi_xml (0.5.5)
    multipart-post (2.0.0)
    rack (1.6.4)
    rack-protection (1.5.3)
      rack
    sinatra (1.4.7)
      rack (~> 1.5)
      rack-protection (~> 1.4)
      tilt (>= 1.3, < 3)
    thin (1.7.0)
      daemons (~> 1.0, >= 1.0.9)
      eventmachine (~> 1.0, >= 1.0.4)
      rack (>= 1, < 3)
    thor (0.19.1)
    tilt (2.0.5)

PLATFORMS
  ruby

DEPENDENCIES
  dalli
  dotenv
  forecast_io
  foreman
  httparty
  sinatra
  thin

RUBY VERSION
   ruby 2.3.1p112

BUNDLED WITH
   1.12.5
